GEM
  remote: http://rubygems.org/
  specs:
    abstract (1.0.0)
    actionmailer (3.0.8)
      actionpack (= 3.0.8)
      mail (~> 2.2.19)
    actionpack (3.0.8)
      activemodel (= 3.0.8)
      activesupport (= 3.0.8)
      builder (~> 2.1.2)
      erubis (~> 2.6.6)
      i18n (~> 0.5.0)
      rack (~> 1.2.1)
      rack-mount (~> 0.6.14)
      rack-test (~> 0.5.7)
      tzinfo (~> 0.3.23)
    activemodel (3.0.8)
      activesupport (= 3.0.8)
      builder (~> 2.1.2)
      i18n (~> 0.5.0)
    activerecord (3.0.8)
      activemodel (= 3.0.8)
      activesupport (= 3.0.8)
      arel (~> 2.0.10)
      tzinfo (~> 0.3.23)
    activeresource (3.0.8)
      activemodel (= 3.0.8)
      activesupport (= 3.0.8)
    activesupport (3.0.8)
    acts-as-taggable-on (2.0.0.rc1)
    ajaxful_rating (2.2.8.2)
    arel (2.0.10)
    bcrypt-ruby (3.0.1-x86-mingw32)
    builder (2.1.2)
    cocaine (0.2.0)
    devise (1.4.8)
      bcrypt-ruby (~> 3.0)
      orm_adapter (~> 0.0.3)
      warden (~> 1.0.3)
    devise_rpx_connectable (0.2.2)
      devise (>= 1.1.2)
      rpx_now (>= 0.6.23)
    erubis (2.6.6)
      abstract (>= 1.0.0)
    formtastic (2.0.2)
      rails (~> 3.0)
    geocoder (1.0.4)
    has_scope (0.5.1)
    hpricot (0.8.4)
    i18n (0.5.0)
    inherited_resources (1.3.0)
      has_scope (~> 0.5.0)
      responders (~> 0.6.0)
    jquery-rails (1.0.16)
      railties (~> 3.0)
      thor (~> 0.14)
    json_pure (1.6.1)
    mail (2.2.19)
      activesupport (>= 2.3.6)
      i18n (>= 0.4.0)
      mime-types (~> 1.16)
      treetop (~> 1.4.8)
    meta_search (1.0.6)
      actionpack (~> 3.0.2)
      activerecord (~> 3.0.2)
      activesupport (~> 3.0.2)
      arel (~> 2.0.2)
    mime-types (1.16)
    mysql2 (0.2.6-x86-mingw32)
    orm_adapter (0.0.5)
    paperclip (2.4.4)
      activerecord (>= 2.3.0)
      activesupport (>= 2.3.2)
      cocaine (>= 0.0.2)
      mime-types
    polyglot (0.3.2)
    rack (1.2.4)
    rack-mount (0.6.14)
      rack (>= 1.0.0)
    rack-test (0.5.7)
      rack (>= 1.0)
    rails (3.0.8)
      actionmailer (= 3.0.8)
      actionpack (= 3.0.8)
      activerecord (= 3.0.8)
      activeresource (= 3.0.8)
      activesupport (= 3.0.8)
      bundler (~> 1.0)
      railties (= 3.0.8)
    rails3-jquery-autocomplete (1.0.4)
      rails (~> 3.0)
    railties (3.0.8)
      actionpack (= 3.0.8)
      activesupport (= 3.0.8)
      rake (>= 0.8.7)
      thor (~> 0.14.4)
    rake (0.9.2)
    responders (0.6.4)
    routing-filter (0.2.3)
      actionpack
    rpx_now (0.6.24)
      json_pure
    thor (0.14.6)
    timeliness (0.3.4)
    treetop (1.4.10)
      polyglot
      polyglot (>= 0.3.1)
    tzinfo (0.3.30)
    validates_timeliness (3.0.7)
      timeliness (~> 0.3.3)
    warden (1.0.6)
      rack (>= 1.0)
    will_paginate (3.0.2)
    ym4r (0.4.1)

PLATFORMS
  x86-mingw32

DEPENDENCIES
  acts-as-taggable-on (= 2.0.0.rc1)
  ajaxful_rating (= 2.2.8.2)
  devise
  devise_rpx_connectable
  formtastic (~> 2.0)
  geocoder
  has_scope
  hpricot
  inherited_resources
  jquery-rails (>= 1.0.12)
  meta_search
  mysql2
  paperclip
  rails (= 3.0.8)
  rails3-jquery-autocomplete
  routing-filter (= 0.2.3)
  validates_timeliness
  will_paginate (~> 3.0.2)
  ym4r (= 0.4.1)
